GEM
  remote: https://rubygems.org/
  specs:
    fitgem (0.10.0)
      oauth
    oauth (0.4.7)

PLATFORMS
  ruby

DEPENDENCIES
  fitgem (~> 0)
