GEM
  remote: https://rubygems.org/
  specs:
    byebug (0.0.1)
      columnize (>= 0.3.1)
      debugger-linecache (~> 1.2.0)
    columnize (0.9.0)
    debugger-linecache (1.2.0)
    domain_name (0.5.23)
      unf (>= 0.0.5, < 1.0.0)
    fitgem (0.10.0)
      oauth
    http-cookie (1.0.2)
      domain_name (~> 0.5)
    mechanize (2.7.3)
      domain_name (~> 0.5, >= 0.5.1)
      http-cookie (~> 1.0)
      mime-types (~> 2.0)
      net-http-digest_auth (~> 1.1, >= 1.1.1)
      net-http-persistent (~> 2.5, >= 2.5.2)
      nokogiri (~> 1.4)
      ntlm-http (~> 0.1, >= 0.1.1)
      webrobots (>= 0.0.9, < 0.2)
    mime-types (2.4.3)
    mini_portile (0.6.2)
    net-http-digest_auth (1.4)
    net-http-persistent (2.9.4)
    nokogiri (1.6.6.2)
      mini_portile (~> 0.6.0)
    ntlm-http (0.1.1)
    oauth (0.4.7)
    unf (0.1.4)
      unf_ext
    unf_ext (0.0.6)
    webrobots (0.1.1)

PLATFORMS
  ruby

DEPENDENCIES
  byebug (~> 0)
  fitgem (~> 0)
  mechanize (~> 2)
